PATH
  remote: .
  specs:
    apollo_upload_server (2.0.0.alpha.3)
      graphql (~> 1.7)
      rack (~> 1.6)

GEM
  remote: https://rubygems.org/
  specs:
    diff-lcs (1.3)
    graphql (1.7.12)
    rack (1.6.8)
    rake (10.5.0)
    rspec (3.7.0)
      rspec-core (~> 3.7.0)
      rspec-expectations (~> 3.7.0)
      rspec-mocks (~> 3.7.0)
    rspec-core (3.7.1)
      rspec-support (~> 3.7.0)
    rspec-expectations (3.7.0)
      diff-lcs (>= 1.2.0, < 2.0)
      rspec-support (~> 3.7.0)
    rspec-mocks (3.7.0)
      diff-lcs (>= 1.2.0, < 2.0)
      rspec-support (~> 3.7.0)
    rspec-support (3.7.0)

PLATFORMS
  ruby

DEPENDENCIES
  apollo_upload_server!
  bundler (~> 1.16)
  rake (~> 10.0)
  rspec (~> 3.5)

BUNDLED WITH
   1.16.1
